GEM
  remote: https://rubygems.org/
  specs:
    plist (3.1.0)
    rainbow (2.1.0)
    terminal-table (1.5.2)
    thor (0.19.1)

PLATFORMS
  ruby

DEPENDENCIES
  plist
  rainbow
  terminal-table
  thor

BUNDLED WITH
   1.10.6
